GEM
  remote: https://rubygems.org/
  specs:
    ffi (1.9.0)
    ffi (1.9.0-x86-mingw32)
    ffi-coremidi (0.2.0)
      ffi (>= 1.0)
    hybridgroup-serialport (1.2.1)
    hybridgroup-sphero (1.3.0)
    listen (1.1.4)
      rb-fsevent (>= 0.9.3)
      rb-inotify (>= 0.9)
      rb-kqueue (>= 0.2)
    micromidi (0.0.9)
      midi-eye (>= 0.1.3)
      midi-message (>= 0.2.2)
      unimidi (>= 0.2.3)
    midi-eye (0.2.2)
      midi-message
      midi-nibbler
      unimidi
    midi-message (0.3.2)
    midi-nibbler (0.1.1)
      midi-message
    midi-winmm (0.1.10)
      ffi (>= 1.0)
    rb-fsevent (0.9.3)
    rb-inotify (0.9.0)
      ffi (>= 0.5.0)
    rb-kqueue (0.2.0)
      ffi (>= 0.5.0)
    unimidi (0.3.3)
      ffi-coremidi
    unimidi (0.3.3-x86-mingw32)
      midi-winmm
    wdm (0.1.0)

PLATFORMS
  ruby
  x86-mingw32

DEPENDENCIES
  hybridgroup-serialport
  hybridgroup-sphero
  listen
  micromidi
  midi-winmm
  wdm
